GIT
  remote: https://github.com/walterdolce/kitchen-ansible.git
  revision: 1f6f9f5f8fcedf8460223773fd44c2a34a9058ae
  specs:
    kitchen-ansible (0.0.38)
      librarian-ansible
      test-kitchen (~> 1.4)

GEM
  remote: https://rubygems.org/
  specs:
    ast (2.2.0)
    chef-config (12.6.0)
      mixlib-config (~> 2.0)
      mixlib-shellout (~> 2.0)
    faraday (0.9.2)
      multipart-post (>= 1.2, < 3)
    highline (1.7.8)
    kitchen-vagrant (0.19.0)
      test-kitchen (~> 1.4)
    librarian (0.1.2)
      highline
      thor (~> 0.15)
    librarian-ansible (2.0.0)
      faraday
      librarian (~> 0.1.0)
    mixlib-config (2.2.1)
    mixlib-install (0.7.1)
    mixlib-shellout (2.2.5)
    multipart-post (2.0.0)
    net-scp (1.2.1)
      net-ssh (>= 2.6.5)
    net-ssh (3.0.2)
    parser (2.3.0.2)
      ast (~> 2.2)
    powerpack (0.1.1)
    rainbow (2.1.0)
    rubocop (0.36.0)
      parser (>= 2.3.0.0, < 3.0)
      powerpack (~> 0.1)
      rainbow (>= 1.99.1, < 3.0)
      ruby-progressbar (~> 1.7)
    ruby-progressbar (1.7.5)
    safe_yaml (1.0.4)
    test-kitchen (1.5.0)
      chef-config (>= 12.5.1)
      mixlib-install (~> 0.7)
      mixlib-shellout (>= 1.2, < 3.0)
      net-scp (~> 1.1)
      net-ssh (>= 2.9, < 4.0)
      safe_yaml (~> 1.0)
      thor (~> 0.18)
    thor (0.19.1)

PLATFORMS
  ruby

DEPENDENCIES
  kitchen-ansible (= 0.0.38)!
  kitchen-vagrant (= 0.19.0)
  rubocop (= 0.36.0)
  test-kitchen (= 1.5.0)

BUNDLED WITH
   1.11.2
